GEM
  remote: https://rubygems.org/
  specs:
    Zenity.rb (0.1.2)
    bio (1.5.1)
    hashie (3.3.1)
    highline (1.7.8)
    slop (4.4.1)

PLATFORMS
  ruby

DEPENDENCIES
  Zenity.rb
  bio
  hashie
  highline
  slop (~> 4.4.1)

BUNDLED WITH
   1.13.6
